GIT
  remote: https://github.com/stereobooster/excon.git
  revision: 5df4aacb69324f581bbabb2fde5a336e422268fa
  branch: close-socket
  specs:
    excon (0.57.0)

GEM
  remote: https://rubygems.org/
  specs:
    get_process_mem (0.2.1)
    kgio (2.11.0)
    rack (2.0.3)
    rack-timeout (0.4.2)
    raindrops (0.18.0)
    unicorn (5.3.0)
      kgio (~> 2.6)
      raindrops (~> 0.7)
    unicorn-worker-killer (0.4.4)
      get_process_mem (~> 0)
      unicorn (>= 4, < 6)

PLATFORMS
  ruby

DEPENDENCIES
  excon!
  rack
  rack-timeout
  unicorn
  unicorn-worker-killer

BUNDLED WITH
   1.14.6
