GIT
  remote: https://github.com/stereobooster/excon.git
  revision: 5df4aacb69324f581bbabb2fde5a336e422268fa
  branch: close-socket
  specs:
    excon (0.57.0)

GEM
  remote: https://rubygems.org/
  specs:
    kgio (2.11.0)
    rack (2.0.3)
    raindrops (0.18.0)
    unicorn (5.3.0)
      kgio (~> 2.6)
      raindrops (~> 0.7)

PLATFORMS
  ruby

DEPENDENCIES
  excon!
  rack
  unicorn

BUNDLED WITH
   1.14.6
