GEM
  remote: https://rubygems.org/
  specs:
    excon (0.57.0)

PLATFORMS
  ruby

DEPENDENCIES
  excon

BUNDLED WITH
   1.14.6
