GEM
  remote: https://rubygems.org/
  specs:
    dotenv (2.2.1)
    puma (3.9.1)
    rack (2.0.3)

PLATFORMS
  ruby

DEPENDENCIES
  dotenv
  puma
  rack

BUNDLED WITH
   1.14.6
