PATH
  remote: ../../puma
  specs:
    puma (3.9.1)

GEM
  remote: https://rubygems.org/
  specs:
    rack (2.0.3)

PLATFORMS
  ruby

DEPENDENCIES
  puma!
  rack

BUNDLED WITH
   1.14.6
